GEM
  remote: https://rubygems.org/
  specs:
    bson (4.15.0)
    mongo (2.18.1)
      bson (>= 4.14.1, < 5.0.0)

PLATFORMS
  aarch64-linux

DEPENDENCIES
  mongo

RUBY VERSION
   ruby 3.1.2p20

BUNDLED WITH
   2.3.24
